GEM
  remote: https://rubygems.org/
  specs:
    aws-sdk (2.10.94)
      aws-sdk-resources (= 2.10.94)
    aws-sdk-core (2.10.94)
      aws-sigv4 (~> 1.0)
      jmespath (~> 1.0)
    aws-sdk-resources (2.10.94)
      aws-sdk-core (= 2.10.94)
    aws-sigv4 (1.0.2)
    jmespath (1.3.1)
    thor (0.19.4)

PLATFORMS
  ruby

DEPENDENCIES
  aws-sdk (~> 2)
  thor (~> 0.19.4)

BUNDLED WITH
   1.16.0
